Brain Vision Data Exchange Header File Version 1.0
; Written using pybv 0.7.5

[Common Infos]
Codepage=UTF-8
DataFile=sub-003_ses-0_task-MI_run-2_eeg.eeg
MarkerFile=sub-003_ses-0_task-MI_run-2_eeg.vmrk
DataFormat=BINARY
; Data orientation: MULTIPLEXED=ch1,pt1, ch2,pt1 ...
DataOrientation=MULTIPLEXED
NumberOfChannels=16
; Sampling interval in microseconds
SamplingInterval=8000.0

[Binary Infos]
BinaryFormat=IEEE_FLOAT_32

[Channel Infos]
; Each entry: Ch<Channel number>=<Name>,<Reference channel name>,
; <Resolution in "Unit">,<Unit>, Future extensions..
; Fields are delimited by commas, some fields might be omitted (empty).
; Commas in channel names are coded as "\1".
Ch1=Fp1,,0.1,µV
Ch2=Fp2,,0.1,µV
Ch3=F3,,0.1,µV
Ch4=Fz,,0.1,µV
Ch5=F4,,0.1,µV
Ch6=T3,,0.1,µV
Ch7=C3,,0.1,µV
Ch8=Cz,,0.1,µV
Ch9=C4,,0.1,µV
Ch10=T4,,0.1,µV
Ch11=T5,,0.1,µV
Ch12=P3,,0.1,µV
Ch13=Pz,,0.1,µV
Ch14=P4,,0.1,µV
Ch15=T6,,0.1,µV
Ch16=NA,,0.1,µV

[Comment]

